GEM
  remote: https://rubygems.org/
  specs:
    celluloid (0.16.0)
      timers (~> 4.0.0)
    hitimes (1.2.2)
    hitimes (1.2.2-java)
    term-ansicolor (1.3.0)
      tins (~> 1.0)
    timers (4.0.1)
      hitimes
    tins (1.3.3)

PLATFORMS
  java

DEPENDENCIES
  celluloid
  term-ansicolor
